GEM
  remote: https://rubygems.org/
  specs:
    cinch (2.1.0)
    faraday (0.9.0)
      multipart-post (>= 1.2, < 3)
    multipart-post (2.0.0)
    redis (3.1.0)

PLATFORMS
  ruby

DEPENDENCIES
  cinch
  faraday
  redis
